GEM
  remote: https://rubygems.org/
  specs:
    cheatset (1.4.0)
      haml
      plist
      redcarpet
      rouge
      sanitize
      sqlite3
      thor
      unindent
    crass (1.0.6)
    haml (5.1.2)
      temple (>= 0.8.0)
      tilt
    mini_portile2 (2.8.1)
    nokogiri (1.13.10)
      mini_portile2 (~> 2.8.0)
      racc (~> 1.4)
    plist (3.5.0)
    racc (1.6.2)
    redcarpet (3.5.0)
    rouge (3.19.0)
    sanitize (6.0.1)
      crass (~> 1.0.2)
      nokogiri (>= 1.12.0)
    sqlite3 (1.4.2)
    temple (0.8.2)
    thor (1.0.1)
    tilt (2.0.10)
    unindent (1.0)

PLATFORMS
  ruby

DEPENDENCIES
  cheatset

RUBY VERSION
   ruby 2.6.5p114

BUNDLED WITH
   1.17.2
